PATH
  remote: .
  specs:
    delegate_tracker (0.1.0)

GEM
  remote: https://rubygems.org/
  specs:
    rake (10.4.2)

PLATFORMS
  ruby

DEPENDENCIES
  bundler (~> 1.11)
  delegate_tracker!
  rake (~> 10.0)

BUNDLED WITH
   1.11.2
